GEM
  remote: https://rubygems.org/
  specs:
    gosu (0.15.1)

PLATFORMS
  ruby

DEPENDENCIES
  gosu

RUBY VERSION
   ruby 2.5.1p57

BUNDLED WITH
   1.17.3
